GEM
  remote: https://rubygems.org/
  specs:
    bcrypt (3.1.10)
    bson (1.9.2)
    bson_ext (1.9.2)
      bson (~> 1.9.2)
    capistrano (3.4.0)
      i18n
      rake (>= 10.0.0)
      sshkit (~> 1.3)
    capistrano-bundler (1.1.4)
      capistrano (~> 3.1)
      sshkit (~> 1.2)
    capybara (2.4.4)
      mime-types (>= 1.16)
      nokogiri (>= 1.3.3)
      rack (>= 1.0.0)
      rack-test (>= 0.5.4)
      xpath (~> 2.0)
    childprocess (0.5.6)
      ffi (~> 1.0, >= 1.0.11)
    chromedriver2-helper (0.0.8)
      nokogiri
    cliver (0.3.2)
    coderay (1.1.0)
    colorize (0.7.7)
    concurrent-ruby (0.8.0)
      ref (~> 1.0, >= 1.0.5)
    concurrent-ruby-ext (0.8.0)
      concurrent-ruby (~> 0.8.0)
    configurations (2.0.0)
    csso-rails (0.3.4)
      execjs (>= 1)
    daemons (1.2.3)
    diff-lcs (1.2.5)
    eventmachine (1.0.8)
    execjs (2.6.0)
    faye-websocket (0.10.0)
      eventmachine (>= 0.12.0)
      websocket-driver (>= 0.5.1)
    ffi (1.9.10)
    hike (1.2.3)
    i18n (0.7.0)
    json (1.8.3)
    listen (3.0.3)
      rb-fsevent (>= 0.9.3)
      rb-inotify (>= 0.9)
    method_source (0.8.2)
    mime-types (2.6.1)
    mini_portile (0.6.2)
    mongo (1.9.2)
      bson (~> 1.9.2)
    multi_json (1.11.2)
    net-scp (1.2.1)
      net-ssh (>= 2.6.5)
    net-ssh (2.9.2)
    nokogiri (1.6.6.2)
      mini_portile (~> 0.6.0)
    opal (0.8.0)
      hike (~> 1.2)
      sourcemap (~> 0.1.0)
      sprockets (~> 3.1)
      tilt (>= 1.4)
    opal-jquery (0.4.0)
      opal (>= 0.7.0, < 0.9.0)
    opal-rspec (0.4.3)
      opal (>= 0.7.0, < 0.9)
    poltergeist (1.5.1)
      capybara (~> 2.1)
      cliver (~> 0.3.1)
      multi_json (~> 1.0)
      websocket-driver (>= 0.2.0)
    pry (0.10.1)
      coderay (~> 1.1.0)
      method_source (~> 0.8.1)
      slop (~> 3.4)
    rack (1.5.5)
    rack-test (0.6.3)
      rack (>= 1.0)
    rake (10.4.2)
    rb-fsevent (0.9.6)
    rb-inotify (0.9.5)
      ffi (>= 0.5.0)
    rbnacl (3.2.0)
      ffi
    rbnacl-libsodium (1.0.3)
      rbnacl (~> 3.0, >= 3.0.1)
    ref (1.0.5)
    rspec (3.2.0)
      rspec-core (~> 3.2.0)
      rspec-expectations (~> 3.2.0)
      rspec-mocks (~> 3.2.0)
    rspec-core (3.2.3)
      rspec-support (~> 3.2.0)
    rspec-expectations (3.2.1)
      diff-lcs (>= 1.2.0, < 2.0)
      rspec-support (~> 3.2.0)
    rspec-mocks (3.2.1)
      diff-lcs (>= 1.2.0, < 2.0)
      rspec-support (~> 3.2.0)
    rspec-support (3.2.2)
    rubyzip (1.1.7)
    sass (3.4.18)
    selenium-webdriver (2.43.0)
      childprocess (~> 0.5)
      multi_json (~> 1.0)
      rubyzip (~> 1.0)
      websocket (~> 1.0)
    slop (3.6.0)
    sourcemap (0.1.1)
    sprockets (3.3.4)
      rack (~> 1.0)
    sprockets-helpers (1.2.1)
      sprockets (>= 2.2)
    sshkit (1.7.1)
      colorize (>= 0.7.0)
      net-scp (>= 1.1.2)
      net-ssh (>= 2.8.0)
    thin (1.6.3)
      daemons (~> 1.0, >= 1.0.9)
      eventmachine (~> 1.0)
      rack (~> 1.0)
    thor (0.19.1)
    tilt (2.0.1)
    uglifier (2.7.2)
      execjs (>= 0.3.0)
      json (>= 1.8.0)
    volt (0.9.5)
      bcrypt (~> 3.1.9)
      bundler (>= 1.5)
      concurrent-ruby (= 0.8.0)
      configurations (~> 2.0.0.pre)
      faye-websocket (~> 0.10.0)
      listen (~> 3.0.1)
      opal (>= 0.8.0, < 0.9)
      pry (~> 0.10.1)
      rack (~> 1.5.0)
      sass (~> 3.4.15)
      sprockets-helpers (~> 1.2.1)
      thor (~> 0.19.0)
    volt-bootstrap (0.0.10)
    volt-mongo (0.1.1)
      mongo (~> 1.9.0)
    websocket (1.2.2)
    websocket-driver (0.6.2)
      websocket-extensions (>= 0.1.0)
    websocket-extensions (0.1.2)
    xpath (2.0.0)
      nokogiri (~> 1.3)

PLATFORMS
  ruby

DEPENDENCIES
  bson_ext (~> 1.9.0)
  capistrano
  capistrano-bundler
  capybara (~> 2.4.2)
  chromedriver2-helper (~> 0.0.8)
  concurrent-ruby-ext (~> 0.8.0)
  csso-rails (~> 0.3.4)
  opal-jquery
  opal-rspec (~> 0.4.2)
  poltergeist (~> 1.5.0)
  rbnacl
  rbnacl-libsodium
  rspec (~> 3.2.0)
  selenium-webdriver (~> 2.43.0)
  thin (~> 1.6.0)
  uglifier (>= 2.4.0)
  volt (= 0.9.5)
  volt-bootstrap (~> 0.0.10)
  volt-mongo (~> 0.1.0)
